GEM
  remote: https://rubygems.org/
  specs:
    mustermann (2.0.2)
      ruby2_keywords (~> 0.0.1)
    puma (3.12.1)
    rack (2.2.4)
    rack-protection (2.2.3)
      rack
    ruby2_keywords (0.0.5)
    sinatra (2.2.3)
      mustermann (~> 2.0)
      rack (~> 2.2)
      rack-protection (= 2.2.3)
      tilt (~> 2.0)
    sinatra-cross_origin (0.4.0)
    tilt (2.0.11)

PLATFORMS
  ruby

DEPENDENCIES
  puma (~> 3.12)
  sinatra (~> 2.2)
  sinatra-cross_origin (~> 0.4.0)

RUBY VERSION
   ruby 2.5.3p105

BUNDLED WITH
   1.16.6
